PATH
  remote: .
  specs:
    zurb-foundation (3.2.5)
      rake

GEM
  remote: https://rubygems.org/
  specs:
    chunky_png (1.2.7)
    fssm (0.2.9)

PLATFORMS
  ruby
  x86-mingw32

DEPENDENCIES
  zurb-foundation!
